GIT
  remote: https://github.com/joeldrapper/green_dots
  revision: 9e02b977ba9596daac168bf8911734b1708a52d8
  specs:
    green_dots (0.1.0)

GIT
  remote: https://github.com/karloscarweber/camping.git
  revision: acba4fad5cb222abbcfe58dde254439b35718a9c
  branch: camping-3
  specs:
    camping (3.0.0)
      mab (~> 0.0, >= 0.0.3)
      rack (~> 3.0, >= 3.0.4.1)
      rack-session (~> 2.0, >= 2.0.0)

GEM
  remote: https://rubygems.org/
  specs:
    concurrent-ruby (1.2.2)
    ffi (1.15.5)
    kdl (1.0.3)
      simpleidn (~> 0.2.1)
    listen (3.8.0)
      rb-fsevent (~> 0.10, >= 0.10.3)
      rb-inotify (~> 0.9, >= 0.9.10)
    mab (0.0.3)
    nio4r (2.5.8)
    phlex (1.4.0)
      concurrent-ruby (~> 1.2)
      zeitwerk (~> 2.6)
    puma (6.1.1)
      nio4r (~> 2.0)
    rack (3.0.4.1)
    rack-session (2.0.0)
      rack (>= 3.0.0)
    rackup (2.1.0)
      rack (>= 3)
      webrick (~> 1.8)
    rb-fsevent (0.11.2)
    rb-inotify (0.10.1)
      ffi (~> 1.0)
    rerun (0.14.0)
      listen (~> 3.0)
    simpleidn (0.2.1)
      unf (~> 0.1.4)
    unf (0.1.4)
      unf_ext
    unf_ext (0.0.8.2)
    webrick (1.8.1)
    zeitwerk (2.6.7)

PLATFORMS
  arm64-darwin-22

DEPENDENCIES
  camping!
  green_dots!
  kdl
  phlex
  puma
  rackup
  rerun

BUNDLED WITH
   2.4.7
